GEM
  specs:
    appium_lib (9.15.1)
      appium_lib_core (~> 2.0.0)
      nokogiri (~> 1.8, >= 1.8.1)
      tomlrb (~> 1.1)
    appium_lib_core (2.0.5)
      faye-websocket (~> 0.10.0)
      selenium-webdriver (~> 3.14.1)
    childprocess (0.9.0)
      ffi (~> 1.0, >= 1.0.11)
    eventmachine (1.2.7-x64-mingw32)
    faye-websocket (0.10.7)
      eventmachine (>= 0.12.0)
      websocket-driver (>= 0.5.1)
    ffi (1.9.25-x64-mingw32)
    mini_portile2 (2.3.0)
    nokogiri (1.8.5-x64-mingw32)
      mini_portile2 (~> 2.3.0)
    rubyzip (1.2.2)
    selenium-webdriver (3.14.1)
      childprocess (~> 0.5)
      rubyzip (~> 1.2, >= 1.2.2)
    tomlrb (1.2.7)
    websocket-driver (0.7.0)
      websocket-extensions (>= 0.1.0)
    websocket-extensions (0.1.3)

PLATFORMS
  x64-mingw32

DEPENDENCIES
  appium_lib
  selenium-webdriver

BUNDLED WITH
   1.16.4
